GIT
  remote: git://github.com/radiumsoftware/hydrogen.git
  revision: 500130ac073b060277f12387f7b31d15ea3b7aba
  specs:
    hydrogen (0.0.1)
      thor

GIT
  remote: git://github.com/radiumsoftware/iridium-ember.git
  revision: 5c7b02a74b588d9c46f3420236c9e1770ad3547e
  specs:
    iridium-ember (0.1.0)

GIT
  remote: git://github.com/radiumsoftware/iridium.git
  revision: e88b908de61fc33c3a8695550ff69c841b6fce32
  specs:
    iridium (0.9.0.rc1)
      activesupport
      coffee-script
      compass
      execjs
      less
      rack
      rack-rewrite
      rake-pipeline (= 0.8.0)
      rake-pipeline-web-filters (= 0.7.0)
      sass
      therubyracer
      thin
      thor
      uglifier (~> 1.2.3)
      yui-compressor

GIT
  remote: git://github.com/twinturbo/rake-pipeline.git
  revision: 48ae1d9c643da7e217ae2ca73fc7bf512ff3b4aa
  branch: iridium
  specs:
    rake-pipeline (0.8.0)
      json
      rake (~> 0.9.0)
      thor

GIT
  remote: git://github.com/wycats/thor.git
  revision: aeb4d2f6c150b0b93efd6f206cb685206fb8b860
  specs:
    thor (0.16.0)

GEM
  remote: http://rubygems.org/
  specs:
    POpen4 (0.1.4)
      Platform (>= 0.4.0)
      open4
    Platform (0.4.0)
    activesupport (3.2.8)
      i18n (~> 0.6)
      multi_json (~> 1.0)
    chunky_png (1.2.6)
    coffee-script (2.2.0)
      coffee-script-source
      execjs
    coffee-script-source (1.4.0)
    commonjs (0.2.6)
    compass (0.12.2)
      chunky_png (~> 1.2)
      fssm (>= 0.2.7)
      sass (~> 3.1)
    daemons (1.1.9)
    eventmachine (1.0.0)
    execjs (1.4.0)
      multi_json (~> 1.0)
    fssm (0.2.9)
    i18n (0.6.1)
    json (1.7.5)
    kgio (2.7.4)
    less (2.2.2)
      commonjs (~> 0.2.6)
    libv8 (3.3.10.4)
    multi_json (1.3.6)
    open4 (1.3.0)
    rack (1.4.1)
    rack-rewrite (1.3.0)
    rack-test (0.6.2)
      rack (>= 1.0)
    raindrops (0.10.0)
    rake (0.9.2.2)
    rake-pipeline-web-filters (0.7.0)
      rack
      rake-pipeline (~> 0.6)
    ruby-prof (0.11.2)
    sass (3.2.1)
    therubyracer (0.10.2)
      libv8 (~> 3.3.10)
    thin (1.5.0)
      daemons (>= 1.0.9)
      eventmachine (>= 0.12.6)
      rack (>= 1.0.0)
    uglifier (1.2.7)
      execjs (>= 0.3.0)
      multi_json (~> 1.3)
    unicorn (4.4.0)
      kgio (~> 2.6)
      rack
      raindrops (~> 0.7)
    yui-compressor (0.9.6)
      POpen4 (>= 0.1.4)

PLATFORMS
  ruby

DEPENDENCIES
  hydrogen!
  iridium!
  iridium-ember!
  rack-test
  rake-pipeline!
  ruby-prof
  thor!
  unicorn
