GIT
  remote: git://github.com/livingsocial/rake-pipeline.git
  revision: ee992cbcda5172075062be035bcbef2cf1b0ff5d
  specs:
    rake-pipeline (0.8.0)
      json
      rake (~> 10.0.0)
      thor

GIT
  remote: git://github.com/radiumsoftware/hydrogen.git
  revision: 500130ac073b060277f12387f7b31d15ea3b7aba
  specs:
    hydrogen (0.0.1)
      thor

GIT
  remote: git://github.com/radiumsoftware/iridium-ember.git
  revision: 754f51b4dede11a836f606381e8784219cdc8d2f
  specs:
    iridium-ember (0.1.0)

GIT
  remote: git://github.com/radiumsoftware/iridium.git
  revision: 09cdbab79f7197b42a17c0435b3e1dcc26d2d0ae
  specs:
    iridium (0.9.0.rc1)
      activesupport
      barber (~> 0.1.2)
      coffee-script
      compass
      execjs
      less
      rack
      rack-rewrite
      rake-pipeline (~> 0.8.0)
      rake-pipeline-web-filters (= 0.7.0)
      sass
      thin
      thor
      uglifier (~> 1.2.3)
      yui-compressor

GIT
  remote: git://github.com/wycats/thor.git
  revision: ccd8a2d8490ff9bb5231d56e3afe177ae8f12f45
  specs:
    thor (0.17.0)

GEM
  remote: http://rubygems.org/
  specs:
    POpen4 (0.1.4)
      Platform (>= 0.4.0)
      open4
    Platform (0.4.0)
    activesupport (3.2.11)
      i18n (~> 0.6)
      multi_json (~> 1.0)
    barber (0.1.3)
      execjs
    chunky_png (1.2.7)
    coffee-script (2.2.0)
      coffee-script-source
      execjs
    coffee-script-source (1.4.0)
    commonjs (0.2.6)
    compass (0.12.2)
      chunky_png (~> 1.2)
      fssm (>= 0.2.7)
      sass (~> 3.1)
    daemons (1.1.9)
    dnote (1.7.1)
    eventmachine (1.0.0)
    execjs (1.4.0)
      multi_json (~> 1.0)
    fssm (0.2.10)
    i18n (0.6.1)
    json (1.7.6)
    kgio (2.8.0)
    less (2.2.2)
      commonjs (~> 0.2.6)
    libv8 (3.11.8.13)
    multi_json (1.5.0)
    open4 (1.3.0)
    rack (1.5.1)
    rack-rewrite (1.3.3)
    rack-test (0.6.2)
      rack (>= 1.0)
    raindrops (0.10.0)
    rake (10.0.3)
    rake-pipeline-web-filters (0.7.0)
      rack
      rake-pipeline (~> 0.6)
    ref (1.0.2)
    ruby-prof (0.12.1)
    sass (3.2.5)
    therubyracer (0.11.3)
      libv8 (~> 3.11.8.12)
      ref
    thin (1.5.0)
      daemons (>= 1.0.9)
      eventmachine (>= 0.12.6)
      rack (>= 1.0.0)
    uglifier (1.2.7)
      execjs (>= 0.3.0)
      multi_json (~> 1.3)
    unicorn (4.5.0)
      kgio (~> 2.6)
      rack
      raindrops (~> 0.7)
    yui-compressor (0.9.6)
      POpen4 (>= 0.1.4)

PLATFORMS
  ruby

DEPENDENCIES
  dnote
  hydrogen!
  iridium!
  iridium-ember!
  rack-test
  rake-pipeline!
  ruby-prof
  therubyracer
  thor!
  unicorn
