GIT
  remote: git://github.com/livingsocial/rake-pipeline.git
  revision: 65b1e744defa208e313703d89f3453447cc103b2
  specs:
    rake-pipeline (0.8.0)
      json
      rake (~> 10.0.0)
      thor

GIT
  remote: git://github.com/radiumsoftware/hydrogen.git
  revision: 500130ac073b060277f12387f7b31d15ea3b7aba
  specs:
    hydrogen (0.0.1)
      thor

GIT
  remote: git://github.com/radiumsoftware/iridium-ember.git
  revision: 954de63905962bf9995a3624d2b196f7b84fc0f5
  specs:
    iridium-ember (0.1.0)
      barber (~> 0.4.0)

GIT
  remote: git://github.com/radiumsoftware/iridium.git
  revision: f5b1cb02c26c8c8b8473874f4b8f47ce8e89a893
  specs:
    iridium (0.9.0)
      activesupport
      barber (~> 0.4.2)
      coffee-script
      compass
      execjs
      grit
      handlebars-source (= 1.0.0rc3)
      less
      rack
      rack-rewrite
      rake-pipeline (~> 0.8.0)
      rake-pipeline-web-filters (= 0.7.0)
      sass
      thor
      uglifier (~> 1.2.3)
      yui-compressor

GIT
  remote: git://github.com/wycats/thor.git
  revision: 8a09e6b800dfe2775f65f916ef12ad42f3f09867
  specs:
    thor (0.18.1)

GEM
  remote: https://rubygems.org/
  specs:
    POpen4 (0.1.4)
      Platform (>= 0.4.0)
      open4
    Platform (0.4.0)
    activesupport (3.2.13)
      i18n (= 0.6.1)
      multi_json (~> 1.0)
    barber (0.4.2)
      ember-source
      execjs
      handlebars-source
    chunky_png (1.2.8)
    coffee-script (2.2.0)
      coffee-script-source
      execjs
    coffee-script-source (1.6.2)
    commonjs (0.2.6)
    compass (0.12.2)
      chunky_png (~> 1.2)
      fssm (>= 0.2.7)
      sass (~> 3.1)
    daemons (1.1.9)
    diff-lcs (1.2.4)
    dnote (1.7.1)
    ember-source (0.0.8)
      handlebars-source (>= 1.0.0.rc3, < 1.0.0.rc4)
    eventmachine (1.0.3)
    execjs (1.4.0)
      multi_json (~> 1.0)
    fssm (0.2.10)
    grit (2.5.0)
      diff-lcs (~> 1.1)
      mime-types (~> 1.15)
      posix-spawn (~> 0.3.6)
    handlebars-source (1.0.0.rc3)
    i18n (0.6.1)
    json (1.7.7)
    kgio (2.8.0)
    less (2.3.2)
      commonjs (~> 0.2.6)
    libv8 (3.11.8.17)
    mime-types (1.23)
    multi_json (1.7.3)
    open4 (1.3.0)
    posix-spawn (0.3.6)
    rack (1.5.2)
    rack-rewrite (1.3.3)
    rack-test (0.6.2)
      rack (>= 1.0)
    raindrops (0.10.0)
    rake (10.0.4)
    rake-pipeline-web-filters (0.7.0)
      rack
      rake-pipeline (~> 0.6)
    ref (1.0.4)
    ruby-prof (0.13.0)
    sass (3.2.8)
    therubyracer (0.11.4)
      libv8 (~> 3.11.8.12)
      ref
    thin (1.5.1)
      daemons (>= 1.0.9)
      eventmachine (>= 0.12.6)
      rack (>= 1.0.0)
    uglifier (1.2.7)
      execjs (>= 0.3.0)
      multi_json (~> 1.3)
    unicorn (4.6.2)
      kgio (~> 2.6)
      rack
      raindrops (~> 0.7)
    yui-compressor (0.9.6)
      POpen4 (>= 0.1.4)

PLATFORMS
  ruby

DEPENDENCIES
  barber
  dnote
  hydrogen!
  iridium!
  iridium-ember!
  rack-test
  rake-pipeline!
  ruby-prof
  therubyracer
  thin
  thor!
  unicorn
