GIT
  remote: git://github.com/livingsocial/rake-pipeline.git
  revision: da353da0296d23546d20b9de3104ed338e41c81f
  specs:
    rake-pipeline (0.6.0)
      rake (~> 0.9.0)
      thor

GIT
  remote: git://github.com/threadedlabs/frontend_server.git
  revision: aab32f2029800f4bd4a8113c0b4849d40d525822
  specs:
    frontend_server (0.0.1)
      compass
      rack
      rack-reverse-proxy
      rack-rewrite
      rake-pipeline
      rake-pipeline-web-filters
      sass
      thin
      uglifier (~> 1.2.3)
      yui-compressor

GIT
  remote: git://github.com/wycats/rake-pipeline-web-filters.git
  revision: ca6f774662ac9aa2beb9a37d8b67faa87783c408
  specs:
    rake-pipeline-web-filters (0.6.0)
      rack
      rake-pipeline (~> 0.6)

GEM
  remote: http://rubygems.org/
  specs:
    POpen4 (0.1.4)
      Platform (>= 0.4.0)
      open4
    Platform (0.4.0)
    chunky_png (1.2.5)
    coffee-script (2.2.0)
      coffee-script-source
      execjs
    coffee-script-source (1.2.0)
    compass (0.12.1)
      chunky_png (~> 1.2)
      fssm (>= 0.2.7)
      sass (~> 3.1)
    daemons (1.1.8)
    eventmachine (0.12.10)
    execjs (1.3.0)
      multi_json (~> 1.0)
    fssm (0.2.8.1)
    multi_json (1.1.0)
    open4 (1.3.0)
    rack (1.4.1)
    rack-reverse-proxy (0.4.4)
      rack (>= 1.0.0)
    rack-rewrite (1.2.1)
    rake (0.9.2.2)
    sass (3.1.15)
    thin (1.3.1)
      daemons (>= 1.0.9)
      eventmachine (>= 0.12.6)
      rack (>= 1.0.0)
    thor (0.14.6)
    uglifier (1.2.3)
      execjs (>= 0.3.0)
      multi_json (>= 1.0.2)
    yui-compressor (0.9.6)
      POpen4 (>= 0.1.4)

PLATFORMS
  ruby

DEPENDENCIES
  coffee-script (~> 2.2.0)
  frontend_server!
  rake-pipeline!
  rake-pipeline-web-filters!
