GIT
  remote: git://github.com/livingsocial/rake-pipeline.git
  revision: 1f2029c23865c9a996c367fbf2a75f04a7efd967
  ref: 1f2029c23865c9a996c367fbf2a75f04a7efd967
  specs:
    rake-pipeline (0.6.0)
      rake (~> 0.9.0)
      thor

GIT
  remote: git://github.com/radiumsoftware/iridium.git
  revision: 061fd83b13fe845388189ce998acd2ccbf529944
  specs:
    iridium (0.1.0)
      activesupport
      coffee-script
      compass
      dalli
      less
      rack
      rack-cache
      rack-rewrite
      rake-pipeline
      rake-pipeline-web-filters
      sass
      therubyracer
      thin
      uglifier (~> 1.2.3)
      yui-compressor

GIT
  remote: git://github.com/twinturbo/rake-pipeline-web-filters.git
  revision: d09195265400bf8e8fed781c529bf3cf251b0998
  specs:
    rake-pipeline-web-filters (0.6.0)
      rack
      rake-pipeline (~> 0.6)

GEM
  remote: http://rubygems.org/
  specs:
    POpen4 (0.1.4)
      Platform (>= 0.4.0)
      open4
    Platform (0.4.0)
    activesupport (3.2.3)
      i18n (~> 0.6)
      multi_json (~> 1.0)
    chunky_png (1.2.5)
    coffee-script (2.2.0)
      coffee-script-source
      execjs
    coffee-script-source (1.3.1)
    commonjs (0.2.6)
    compass (0.12.1)
      chunky_png (~> 1.2)
      fssm (>= 0.2.7)
      sass (~> 3.1)
    daemons (1.1.8)
    dalli (2.0.3)
    eventmachine (0.12.10)
    execjs (1.3.1)
      multi_json (~> 1.0)
    fssm (0.2.9)
    i18n (0.6.0)
    kgio (2.7.4)
    less (2.2.1)
      commonjs (~> 0.2.6)
    libv8 (3.3.10.4)
    multi_json (1.2.0)
    open4 (1.3.0)
    rack (1.4.1)
    rack-cache (1.2)
      rack (>= 0.4)
    rack-rewrite (1.2.1)
    raindrops (0.8.0)
    rake (0.9.2.2)
    sass (3.1.16)
    therubyracer (0.10.1)
      libv8 (~> 3.3.10)
    thin (1.3.1)
      daemons (>= 1.0.9)
      eventmachine (>= 0.12.6)
      rack (>= 1.0.0)
    thor (0.15.0)
    uglifier (1.2.4)
      execjs (>= 0.3.0)
      multi_json (>= 1.0.2)
    unicorn (4.3.1)
      kgio (~> 2.6)
      rack
      raindrops (~> 0.7)
    yui-compressor (0.9.6)
      POpen4 (>= 0.1.4)

PLATFORMS
  ruby

DEPENDENCIES
  iridium!
  multi_json (= 1.2.0)
  rake-pipeline!
  rake-pipeline-web-filters!
  unicorn
