GIT
  remote: git://github.com/livingsocial/rake-pipeline.git
  revision: b70ca6cad7655e58d13031f3e24df7dfc74f9030
  specs:
    rake-pipeline (0.6.0)
      rake (~> 0.9.0)
      thor

GIT
  remote: git://github.com/threadedlabs/frontend_server
  revision: 0f883ae220860f27b5dadcb8805ddf7f49c13913
  specs:
    frontend_server (0.0.1)
      compass
      less
      rack
      rack-reverse-proxy
      rack-rewrite
      rake-pipeline
      rake-pipeline-web-filters
      sass
      thin
      uglifier (~> 1.2.3)
      yui-compressor

GIT
  remote: git://github.com/wycats/rake-pipeline-web-filters.git
  revision: ba0b8a00356b4c854930a8e849b5629d51ffd70f
  specs:
    rake-pipeline-web-filters (0.6.0)
      rack
      rake-pipeline (~> 0.6)

GEM
  remote: http://rubygems.org/
  specs:
    POpen4 (0.1.4)
      Platform (>= 0.4.0)
      open4
    Platform (0.4.0)
    chunky_png (1.2.5)
    coffee-script (2.2.0)
      coffee-script-source
      execjs
    coffee-script-source (1.2.0)
    commonjs (0.2.5)
    compass (0.12.1)
      chunky_png (~> 1.2)
      fssm (>= 0.2.7)
      sass (~> 3.1)
    daemons (1.1.8)
    eventmachine (0.12.10)
    execjs (1.3.0)
      multi_json (~> 1.0)
    fssm (0.2.8.1)
    less (2.1.0)
      commonjs (~> 0.2.0)
      therubyracer (~> 0.10.0)
    libv8 (3.3.10.4)
    multi_json (1.2.0)
    open4 (1.3.0)
    rack (1.4.1)
    rack-reverse-proxy (0.4.4)
      rack (>= 1.0.0)
    rack-rewrite (1.2.1)
    rake (0.9.2.2)
    sass (3.1.15)
    therubyracer (0.10.0)
      libv8 (~> 3.3.10)
    thin (1.3.1)
      daemons (>= 1.0.9)
      eventmachine (>= 0.12.6)
      rack (>= 1.0.0)
    thor (0.14.6)
    uglifier (1.2.4)
      execjs (>= 0.3.0)
      multi_json (>= 1.0.2)
    yui-compressor (0.9.6)
      POpen4 (>= 0.1.4)

PLATFORMS
  ruby

DEPENDENCIES
  coffee-script (~> 2.2.0)
  frontend_server!
  rake-pipeline!
  rake-pipeline-web-filters!
