GIT
  remote: git://github.com/dagda1/iridium-ember.git
  revision: 017d584d58adc1b79c66b807dc6c9e4a548d5d4f
  specs:
    iridium-ember (0.1.0)
      barber
      ember-source (= 1.1.2)

GIT
  remote: git://github.com/dagda1/iridium.git
  revision: 55cad855083ad2f3bf51ea714493656cd17c5557
  specs:
    iridium (0.9.0)
      activesupport
      barber (~> 0.4.2)
      coffee-script
      compass
      execjs
      grit
      handlebars-source (= 1.0.12)
      less
      rack
      rack-rewrite
      rake-pipeline (~> 0.8.0)
      rake-pipeline-web-filters (= 0.7.0)
      sass
      thor
      uglifier (~> 1.2.3)
      yui-compressor

GIT
  remote: git://github.com/livingsocial/rake-pipeline.git
  revision: a75d96fbadcc659a35a0ae59212e0bc60b58cc54
  specs:
    rake-pipeline (0.8.0)
      json
      rake (~> 10.1.0)
      thor

GIT
  remote: git://github.com/radiumsoftware/hydrogen.git
  revision: 500130ac073b060277f12387f7b31d15ea3b7aba
  specs:
    hydrogen (0.0.1)
      thor

GIT
  remote: git://github.com/wycats/thor.git
  revision: 12f767bdd8973a2cc6501b00ec459d10a17e0eeb
  specs:
    thor (0.18.1)

GEM
  remote: https://rubygems.org/
  specs:
    activesupport (4.0.1)
      i18n (~> 0.6, >= 0.6.4)
      minitest (~> 4.2)
      multi_json (~> 1.3)
      thread_safe (~> 0.1)
      tzinfo (~> 0.3.37)
    atomic (1.1.14)
    barber (0.4.2)
      ember-source
      execjs
      handlebars-source
    chunky_png (1.2.9)
    coffee-script (2.2.0)
      coffee-script-source
      execjs
    coffee-script-source (1.6.3)
    commonjs (0.2.7)
    compass (0.12.2)
      chunky_png (~> 1.2)
      fssm (>= 0.2.7)
      sass (~> 3.1)
    daemons (1.1.9)
    diff-lcs (1.2.5)
    dnote (1.7.1)
    ember-source (1.1.2)
      handlebars-source (= 1.0.12)
    eventmachine (1.0.3)
    execjs (2.0.2)
    fssm (0.2.10)
    grit (2.5.0)
      diff-lcs (~> 1.1)
      mime-types (~> 1.15)
      posix-spawn (~> 0.3.6)
    handlebars-source (1.0.12)
    i18n (0.6.5)
    json (1.8.1)
    kgio (2.8.1)
    less (2.4.0)
      commonjs (~> 0.2.7)
    libv8 (3.16.14.3)
    mime-types (1.25)
    minitest (4.7.5)
    multi_json (1.8.2)
    posix-spawn (0.3.6)
    rack (1.5.2)
    rack-rewrite (1.4.01)
    rack-test (0.6.2)
      rack (>= 1.0)
    raindrops (0.12.0)
    rake (10.1.0)
    rake-pipeline-web-filters (0.7.0)
      rack
      rake-pipeline (~> 0.6)
    ref (1.0.5)
    ruby-prof (0.13.0)
    sass (3.2.12)
    therubyracer (0.12.0)
      libv8 (~> 3.16.14.0)
      ref
    thin (1.6.1)
      daemons (>= 1.0.9)
      eventmachine (>= 1.0.0)
      rack (>= 1.0.0)
    thread_safe (0.1.3)
      atomic
    tzinfo (0.3.38)
    uglifier (1.2.7)
      execjs (>= 0.3.0)
      multi_json (~> 1.3)
    unicorn (4.7.0)
      kgio (~> 2.6)
      rack
      raindrops (~> 0.7)
    yui-compressor (0.12.0)

PLATFORMS
  ruby

DEPENDENCIES
  barber
  dnote
  hydrogen!
  iridium!
  iridium-ember!
  rack-test
  rake-pipeline!
  ruby-prof
  therubyracer
  thin
  thor!
  unicorn
