GIT
  remote: https://github.com/livingsocial/rake-pipeline.git
  revision: f71caeb1406dafd6af5ab8453db8c5ac53947c92
  specs:
    rake-pipeline (0.6.0)
      rake (~> 0.9.0)
      thor

GIT
  remote: https://github.com/wycats/rake-pipeline-web-filters.git
  revision: 7eefddfe1f148a7491eafca4a0e8e24f4d9865e7
  specs:
    rake-pipeline-web-filters (0.6.0)
      rack
      rake-pipeline (~> 0.6)

GEM
  remote: http://rubygems.org/
  specs:
    rack (1.4.1)
    rack-reverse-proxy (0.4.4)
      rack (>= 1.0.0)
    rack-rewrite (1.2.1)
    rake (0.9.2.2)
    thor (0.14.6)

PLATFORMS
  ruby

DEPENDENCIES
  rack
  rack-reverse-proxy
  rack-rewrite
  rake-pipeline!
  rake-pipeline-web-filters!
